GIT
  remote: https://github.com/plataformatec/devise.git
  revision: 12fc5b76d89cf6e9c47289416fb24bf1a85f03da
  specs:
    devise (4.6.2)
      bcrypt (~> 3.0)
      orm_adapter (~> 0.1)
      railties (>= 4.1.0)
      responders
      warden (~> 1.2.3)

GEM
  remote: https://rubygems.org/
  specs:
    actioncable (6.0.0)
      actionpack (= 6.0.0)
      nio4r (~> 2.0)
      websocket-driver (>= 0.6.1)
    actionmailbox (6.0.0)
      actionpack (= 6.0.0)
      activejob (= 6.0.0)
      activerecord (= 6.0.0)
      activestorage (= 6.0.0)
      activesupport (= 6.0.0)
      mail (>= 2.7.1)
    actionmailer (6.0.0)
      actionpack (= 6.0.0)
      actionview (= 6.0.0)
      activejob (= 6.0.0)
      mail (~> 2.5, >= 2.5.4)
      rails-dom-testing (~> 2.0)
    actionpack (6.0.0)
      actionview (= 6.0.0)
      activesupport (= 6.0.0)
      rack (~> 2.0)
      rack-test (>= 0.6.3)
      rails-dom-testing (~> 2.0)
      rails-html-sanitizer (~> 1.0, >= 1.2.0)
    actiontext (6.0.0)
      actionpack (= 6.0.0)
      activerecord (= 6.0.0)
      activestorage (= 6.0.0)
      activesupport (= 6.0.0)
      nokogiri (>= 1.8.5)
    actionview (6.0.0)
      activesupport (= 6.0.0)
      builder (~> 3.1)
      erubi (~> 1.4)
      rails-dom-testing (~> 2.0)
      rails-html-sanitizer (~> 1.1, >= 1.2.0)
    activejob (6.0.0)
      activesupport (= 6.0.0)
      globalid (>= 0.3.6)
    activemodel (6.0.0)
      activesupport (= 6.0.0)
    activerecord (6.0.0)
      activemodel (= 6.0.0)
      activesupport (= 6.0.0)
    activestorage (6.0.0)
      actionpack (= 6.0.0)
      activejob (= 6.0.0)
      activerecord (= 6.0.0)
      marcel (~> 0.3.1)
    activesupport (6.0.0)
      concurrent-ruby (~> 1.0, >= 1.0.2)
      i18n (>= 0.7, < 2)
      minitest (~> 5.1)
      tzinfo (~> 1.1)
      zeitwerk (~> 2.1, >= 2.1.8)
    addressable (2.6.0)
      public_suffix (>= 2.0.2, < 4.0)
    airbrussh (1.3.2)
      sshkit (>= 1.6.1, != 1.7.0)
    annotate (2.7.5)
      activerecord (>= 3.2, < 7.0)
      rake (>= 10.4, < 13.0)
    ast (2.4.0)
    bcrypt (3.1.13)
    bcrypt_pbkdf (1.0.1)
    bindex (0.8.1)
    binding_of_caller (0.8.0)
      debug_inspector (>= 0.0.1)
    bootsnap (1.4.4)
      msgpack (~> 1.0)
    builder (3.2.3)
    byebug (11.0.1)
    capistrano (3.11.0)
      airbrussh (>= 1.0.0)
      i18n
      rake (>= 10.0.0)
      sshkit (>= 1.9.0)
    capistrano-bundler (1.6.0)
      capistrano (~> 3.1)
    capistrano-rails (1.4.0)
      capistrano (~> 3.1)
      capistrano-bundler (~> 1.1)
    capistrano-rbenv (2.1.4)
      capistrano (~> 3.1)
      sshkit (~> 1.3)
    capistrano3-puma (4.0.0)
      capistrano (~> 3.7)
      capistrano-bundler
      puma (~> 4.0)
    capybara (3.28.0)
      addressable
      mini_mime (>= 0.1.3)
      nokogiri (~> 1.8)
      rack (>= 1.6.0)
      rack-test (>= 0.6.3)
      regexp_parser (~> 1.5)
      xpath (~> 3.2)
    childprocess (1.0.1)
      rake (< 13.0)
    chronic (0.10.2)
    coderay (1.1.2)
    concurrent-ruby (1.1.5)
    crass (1.0.4)
    database_cleaner (1.7.0)
    debug_inspector (0.0.3)
    devise-i18n (1.8.1)
      devise (>= 4.6)
    docile (1.3.2)
    erubi (1.8.0)
    factory_bot (5.0.2)
      activesupport (>= 4.2.0)
    factory_bot_rails (5.0.2)
      factory_bot (~> 5.0.2)
      railties (>= 4.2.0)
    ffi (1.11.1)
    formatador (0.2.5)
    globalid (0.4.2)
      activesupport (>= 4.2.0)
    guard (2.15.0)
      formatador (>= 0.2.4)
      listen (>= 2.7, < 4.0)
      lumberjack (>= 1.0.12, < 2.0)
      nenv (~> 0.1)
      notiffany (~> 0.0)
      pry (>= 0.9.12)
      shellany (~> 0.0)
      thor (>= 0.18.1)
    guard-compat (1.2.1)
    guard-minitest (2.4.6)
      guard-compat (~> 1.2)
      minitest (>= 3.0)
    has_scope (0.7.2)
      actionpack (>= 4.1)
      activesupport (>= 4.1)
    hashie (3.6.0)
    i18n (1.6.0)
      concurrent-ruby (~> 1.0)
    jbuilder (2.9.1)
      activesupport (>= 4.2.0)
    json (2.2.0)
    kaminari (1.1.1)
      activesupport (>= 4.1.0)
      kaminari-actionview (= 1.1.1)
      kaminari-activerecord (= 1.1.1)
      kaminari-core (= 1.1.1)
    kaminari-actionview (1.1.1)
      actionview
      kaminari-core (= 1.1.1)
    kaminari-activerecord (1.1.1)
      activerecord
      kaminari-core (= 1.1.1)
    kaminari-core (1.1.1)
    launchy (2.4.3)
      addressable (~> 2.3)
    listen (3.1.5)
      rb-fsevent (~> 0.9, >= 0.9.4)
      rb-inotify (~> 0.9, >= 0.9.7)
      ruby_dep (~> 1.2)
    little-plugger (1.1.4)
    logging (2.2.2)
      little-plugger (~> 1.1)
      multi_json (~> 1.10)
    loofah (2.2.3)
      crass (~> 1.0.2)
      nokogiri (>= 1.5.9)
    lumberjack (1.0.13)
    mail (2.7.1)
      mini_mime (>= 0.1.1)
    marcel (0.3.3)
      mimemagic (~> 0.3.2)
    method_source (0.9.2)
    mimemagic (0.3.3)
    mini_mime (1.0.2)
    mini_portile2 (2.4.0)
    minitest (5.11.3)
    msgpack (1.3.1)
    multi_json (1.13.1)
    mysql2 (0.5.2)
    naught (1.1.0)
    nenv (0.3.0)
    net-scp (2.0.0)
      net-ssh (>= 2.6.5, < 6.0.0)
    net-ssh (5.2.0)
    nio4r (2.4.0)
    nokogiri (1.10.4)
      mini_portile2 (~> 2.4.0)
    notiffany (0.1.3)
      nenv (~> 0.1)
      shellany (~> 0.0)
    octicons (9.1.1)
      nokogiri (>= 1.6.3.1)
    open4 (1.3.4)
    orm_adapter (0.5.0)
    parallel (1.17.0)
    parser (2.6.3.0)
      ast (~> 2.4.0)
    powerpack (0.1.2)
    pry (0.12.2)
      coderay (~> 1.1.0)
      method_source (~> 0.9.0)
    pry-byebug (3.7.0)
      byebug (~> 11.0)
      pry (~> 0.10)
    pry-rails (0.3.9)
      pry (>= 0.10.4)
    public_suffix (3.1.1)
    puma (4.1.0)
      nio4r (~> 2.0)
    pundit (1.1.0)
      activesupport (>= 3.0.0)
    rack (2.0.7)
    rack-contrib (2.1.0)
      rack (~> 2.0)
    rack-proxy (0.6.5)
      rack
    rack-test (1.1.0)
      rack (>= 1.0, < 3)
    rails (6.0.0)
      actioncable (= 6.0.0)
      actionmailbox (= 6.0.0)
      actionmailer (= 6.0.0)
      actionpack (= 6.0.0)
      actiontext (= 6.0.0)
      actionview (= 6.0.0)
      activejob (= 6.0.0)
      activemodel (= 6.0.0)
      activerecord (= 6.0.0)
      activestorage (= 6.0.0)
      activesupport (= 6.0.0)
      bundler (>= 1.3.0)
      railties (= 6.0.0)
      sprockets-rails (>= 2.0.0)
    rails-dom-testing (2.0.3)
      activesupport (>= 4.2.0)
      nokogiri (>= 1.6)
    rails-html-sanitizer (1.2.0)
      loofah (~> 2.2, >= 2.2.2)
    rails-i18n (6.0.0)
      i18n (>= 0.7, < 2)
      railties (>= 6.0.0, < 7)
    railties (6.0.0)
      actionpack (= 6.0.0)
      activesupport (= 6.0.0)
      method_source
      rake (>= 0.8.7)
      thor (>= 0.20.3, < 2.0)
    rainbow (3.0.0)
    rake (12.3.3)
    rb-fsevent (0.10.3)
    rb-inotify (0.10.0)
      ffi (~> 1.0)
    rbnacl (4.0.2)
      ffi
    regexp_parser (1.6.0)
    responders (3.0.0)
      actionpack (>= 5.0)
      railties (>= 5.0)
    rubocop (0.56.0)
      parallel (~> 1.10)
      parser (>= 2.5)
      powerpack (~> 0.1)
      rainbow (>= 2.2.2, < 4.0)
      ruby-progressbar (~> 1.7)
      unicode-display_width (~> 1.0, >= 1.0.1)
    ruby-progressbar (1.10.1)
    ruby_dep (1.5.0)
    rubyzip (1.2.3)
    sass-rails (6.0.0)
      sassc-rails (~> 2.1, >= 2.1.1)
    sassc (2.0.1)
      ffi (~> 1.9)
      rake
    sassc-rails (2.1.2)
      railties (>= 4.0.0)
      sassc (>= 2.0)
      sprockets (> 3.0)
      sprockets-rails
      tilt
    selenium-webdriver (3.142.3)
      childprocess (>= 0.5, < 2.0)
      rubyzip (~> 1.2, >= 1.2.2)
    shellany (0.0.1)
    simple_form (4.1.0)
      actionpack (>= 5.0)
      activemodel (>= 5.0)
    simplecov (0.17.0)
      docile (~> 1.1)
      json (>= 1.8, < 3)
      simplecov-html (~> 0.10.0)
    simplecov-html (0.10.2)
    spring (2.1.0)
    spring-watcher-listen (2.0.1)
      listen (>= 2.7, < 4.0)
      spring (>= 1.2, < 3.0)
    sprockets (3.7.2)
      concurrent-ruby (~> 1.0)
      rack (> 1, < 3)
    sprockets-rails (3.2.1)
      actionpack (>= 4.0)
      activesupport (>= 4.0)
      sprockets (>= 3.0.0)
    sshkit (1.20.0)
      net-scp (>= 1.1.2)
      net-ssh (>= 2.8.0)
    thor (0.20.3)
    thread_safe (0.3.6)
    tilt (2.0.9)
    turbolinks (5.2.0)
      turbolinks-source (~> 5.2)
    turbolinks-source (5.2.0)
    tzinfo (1.2.5)
      thread_safe (~> 0.1)
    unicode-display_width (1.6.0)
    warden (1.2.8)
      rack (>= 2.0.6)
    web-console (4.0.0)
      actionview (>= 6.0.0.a)
      activemodel (>= 6.0.0.a)
      bindex (>= 0.4.0)
      railties (>= 6.0.0.a)
    webdriver (0.2.0)
    webpacker (4.0.7)
      activesupport (>= 4.2)
      rack-proxy (>= 0.6.1)
      railties (>= 4.2)
    websocket-driver (0.7.1)
      websocket-extensions (>= 0.1.0)
    websocket-extensions (0.1.4)
    whenever (1.0.0)
      chronic (>= 0.6.3)
    xpath (3.2.0)
      nokogiri (~> 1.8)
    zeitwerk (2.1.9)

PLATFORMS
  ruby

DEPENDENCIES
  annotate
  bcrypt (~> 3.1.7)
  bcrypt_pbkdf (>= 1.0, < 2.0)
  binding_of_caller
  bootsnap (>= 1.4.1)
  capistrano (~> 3.10)
  capistrano-rails (~> 1.4)
  capistrano-rbenv
  capistrano3-puma
  capybara (>= 2.15, < 4.0)
  database_cleaner
  devise!
  devise-i18n (~> 1.8)
  factory_bot_rails (~> 5.0)
  guard
  guard-minitest
  has_scope
  hashie
  jbuilder (~> 2.5)
  kaminari
  launchy
  listen (>= 3.0.5, < 3.2)
  logging
  mysql2 (>= 0.4.4, < 0.6.0)
  naught
  octicons
  open4
  pry-byebug
  pry-rails
  puma (~> 4.0)
  pundit (~> 1.1)
  rack-contrib
  rails (= 6.0.0)
  rails-i18n (~> 6.0.0)
  rbnacl (>= 3.2, < 5.0)
  rubocop (~> 0.56.0)
  sass-rails (~> 6.0)
  selenium-webdriver
  simple_form (~> 4.0)
  simplecov
  spring
  spring-watcher-listen (~> 2.0.0)
  turbolinks (~> 5)
  tzinfo-data
  web-console (~> 4.0)
  webdriver
  webpacker
  whenever

RUBY VERSION
   ruby 2.6.1p33

BUNDLED WITH
   1.17.3
